GEM
  remote: https://ruby.taobao.org/
  specs:
    OptionParser (0.5.1)
    builder (3.2.2)
    excon (0.49.0)
    json (1.8.3)
    mini_portile2 (2.1.0)
    multi_json (1.12.1)
    neography (1.8.0)
      excon (>= 0.33.0)
      json (>= 1.7.7)
      multi_json (>= 1.3.2)
      os (>= 0.9.6)
      rake (>= 0.8.7)
      rubyzip (>= 1.0.0)
    nokogiri (1.6.8)
      mini_portile2 (~> 2.1.0)
      pkg-config (~> 1.1.7)
    os (0.9.6)
    pkg-config (1.1.7)
    rake (11.2.0)
    rbvmomi (1.8.2)
      builder
      nokogiri (>= 1.4.1)
      trollop
    rubyzip (1.2.0)
    trollop (2.1.2)

PLATFORMS
  ruby

DEPENDENCIES
  OptionParser
  neography
  rbvmomi

BUNDLED WITH
   1.11.2
